GEM
  remote: http://rubygems.org/
  specs:
    actionmailer (2.3.5)
      actionpack (= 2.3.5)
    actionpack (2.3.5)
      activesupport (= 2.3.5)
      rack (~> 1.0.0)
    activerecord (2.3.5)
      activesupport (= 2.3.5)
    activeresource (2.3.5)
      activesupport (= 2.3.5)
    activesupport (2.3.5)
    cgi_multipart_eof_fix (2.5.0)
    daemons (1.3.1)
    declarative_authorization (0.5.1)
    fastthread (1.0.7)
    fattr (2.2.1)
    gem_plugin (0.2.3)
    i18n (0.4.2)
    mongrel (1.1.5)
      cgi_multipart_eof_fix (>= 2.4)
      daemons (>= 1.0.3)
      fastthread (>= 1.0.1)
      gem_plugin (>= 0.2.3)
    mongrel (1.1.5-x86-mingw32)
      cgi_multipart_eof_fix (>= 2.4)
      gem_plugin (>= 0.2.3)
    mysql (2.8.1)
    mysql (2.8.1-x86-mingw32)
    rack (1.0.1)
    rails (2.3.5)
      actionmailer (= 2.3.5)
      actionpack (= 2.3.5)
      activerecord (= 2.3.5)
      activeresource (= 2.3.5)
      activesupport (= 2.3.5)
      rake (>= 0.8.3)
    rake (12.3.3)
    rush (0.6.8)
      session
    session (3.1.0)
      fattr
    win32-open3 (0.3.2)
    win32-open3 (0.3.2-x86-mingw32)

PLATFORMS
  ruby
  x86-mingw32

DEPENDENCIES
  declarative_authorization (= 0.5.1)
  i18n (= 0.4.2)
  mongrel (= 1.1.5)
  mysql (= 2.8.1)
  rails (= 2.3.5)
  rake (= 12.3.3)
  rush (= 0.6.8)
  win32-open3
